GEM
  remote: https://rubygems.org/
  specs:
    coderay (1.1.3)
    faraday (2.3.0)
      faraday-net_http (~> 2.0)
      ruby2_keywords (>= 0.0.4)
    faraday-net_http (2.0.2)
    method_source (1.0.0)
    nokogiri (1.13.6-x86_64-linux)
      racc (~> 1.4)
    pry (0.14.1)
      coderay (~> 1.1)
      method_source (~> 1.0)
    racc (1.6.0)
    roo (2.8.3)
      nokogiri (~> 1)
      rubyzip (>= 1.3.0, < 3.0.0)
    ruby2_keywords (0.0.5)
    rubyzip (2.3.2)

PLATFORMS
  x86_64-linux

DEPENDENCIES
  faraday
  pry
  roo

BUNDLED WITH
   2.2.33
